GEM
  remote: https://rubygems.org/
  specs:
    kramdown (1.3.1)
    ruby-oembed (0.8.9)
    rubypants (0.2.0)
    typogruby (1.0.16)
      rubypants

PLATFORMS
  ruby

DEPENDENCIES
  kramdown
  ruby-oembed
  typogruby
