GEM
  remote: https://rubygems.org/
  specs:
    addressable (2.3.8)
    autoprefixer-rails (6.3.4)
      execjs
    colorator (0.1)
    concurrent-ruby (1.0.1)
    execjs (2.6.0)
    fastimage (1.9.0)
      addressable (~> 2.3.5)
    ffi (1.9.10)
    jekyll (3.1.2)
      colorator (~> 0.1)
      jekyll-sass-converter (~> 1.0)
      jekyll-watch (~> 1.1)
      kramdown (~> 1.3)
      liquid (~> 3.0)
      mercenary (~> 0.3.3)
      rouge (~> 1.7)
      safe_yaml (~> 1.0)
    jekyll-archives (2.1.0)
      jekyll (>= 2.4)
    jekyll-assets (2.1.2)
      fastimage (~> 1.8)
      jekyll (~> 3.0)
      sprockets (~> 3.3)
      sprockets-helpers (~> 1.2)
      tilt (~> 2.0)
    jekyll-crosspost-to-medium (0.1.13)
    jekyll-figure (0.0.2)
    jekyll-paginate (1.1.0)
    jekyll-roman (0.0.2)
    jekyll-sass-converter (1.4.0)
      sass (~> 3.4)
    jekyll-sitemap (0.10.0)
    jekyll-slugify_underscore (0.0.4)
    jekyll-typogrify (0.3.1)
      titlecase
      typogruby
    jekyll-watch (1.3.1)
      listen (~> 3.0)
    json (1.8.3)
    kramdown (1.10.0)
    liquid (3.0.6)
    listen (3.0.6)
      rb-fsevent (>= 0.9.3)
      rb-inotify (>= 0.9.7)
    mercenary (0.3.5)
    rack (1.6.4)
    rake (11.1.1)
    rb-fsevent (0.9.7)
    rb-inotify (0.9.7)
      ffi (>= 0.5.0)
    rouge (1.10.1)
    ruby-thumbor (2.0.1)
    rubypants (0.2.0)
    safe_yaml (1.0.4)
    sass (3.4.21)
    sprockets (3.5.2)
      concurrent-ruby (~> 1.0)
      rack (> 1, < 3)
    sprockets-helpers (1.2.1)
      sprockets (>= 2.2)
    susy (2.2.12)
      sass (>= 3.3.0, < 3.5)
    tilt (2.0.2)
    titlecase (0.1.1)
    typogruby (1.0.18)
      rubypants
    uglifier (2.7.2)
      execjs (>= 0.3.0)
      json (>= 1.8.0)

PLATFORMS
  ruby

DEPENDENCIES
  autoprefixer-rails
  jekyll
  jekyll-archives
  jekyll-assets
  jekyll-crosspost-to-medium
  jekyll-figure
  jekyll-paginate
  jekyll-roman
  jekyll-sitemap
  jekyll-slugify_underscore
  jekyll-typogrify
  rake
  ruby-thumbor
  susy
  uglifier

BUNDLED WITH
   1.11.2
